GEM
  remote: https://rubygems.org/
  specs:
    backports (3.6.8)
    diff-lcs (1.3)
    digest (3.1.0)
    mini_portile2 (2.8.0)
    multi_json (1.12.1)
    nokogiri (1.13.3)
      mini_portile2 (~> 2.8.0)
      racc (~> 1.4)
    nokogiri (1.13.3-x64-mingw32)
      racc (~> 1.4)
    racc (1.6.0)
    rack (1.6.5)
    rack-protection (1.5.3)
      rack
    rack-test (0.6.3)
      rack (>= 1.0)
    rake (12.0.0)
    rspec (3.5.0)
      rspec-core (~> 3.5.0)
      rspec-expectations (~> 3.5.0)
      rspec-mocks (~> 3.5.0)
    rspec-core (3.5.4)
      rspec-support (~> 3.5.0)
    rspec-expectations (3.5.0)
      diff-lcs (>= 1.2.0, < 2.0)
      rspec-support (~> 3.5.0)
    rspec-mocks (3.5.0)
      diff-lcs (>= 1.2.0, < 2.0)
      rspec-support (~> 3.5.0)
    rspec-support (3.5.0)
    sass (3.4.23)
    sequel (4.44.0)
    sinatra (1.4.8)
      rack (~> 1.5)
      rack-protection (~> 1.4)
      tilt (>= 1.3, < 3)
    sinatra-contrib (1.4.7)
      backports (>= 2.0)
      multi_json
      rack-protection
      rack-test
      sinatra (~> 1.4.0)
      tilt (>= 1.3, < 3)
    slim (3.0.7)
      temple (~> 0.7.6)
      tilt (>= 1.3.3, < 2.1)
    sqlite3 (1.3.13)
    sqlite3 (1.3.13-x64-mingw32)
    temple (0.7.7)
    thread_safe (0.3.6)
    tilt (2.0.6)
    tzinfo (1.2.3)
      thread_safe (~> 0.1)
    tzinfo-data (1.2017.2)
      tzinfo (>= 1.0.0)

PLATFORMS
  ruby
  x64-mingw32

DEPENDENCIES
  digest
  nokogiri
  rack (~> 1.5)
  rack-test
  rake
  rspec
  sass
  sequel
  sinatra
  sinatra-contrib
  slim
  sqlite3
  tzinfo-data

BUNDLED WITH
   1.14.3
